GEM
  remote: https://rubygems.org/
  specs:
    byebug (9.1.0)
    coderay (1.1.2)
    daemons (1.2.5)
    eventmachine (1.2.5)
    method_source (0.9.0)
    minitest (5.10.3)
    oj (3.3.9)
    pry (0.11.3)
      coderay (~> 1.1.0)
      method_source (~> 0.9.0)
    rack (2.0.3)
    rack-contrib (2.0.0)
      rack (~> 2.0)
    rake (12.3.0)
    thin (1.7.2)
      daemons (~> 1.0, >= 1.0.9)
      eventmachine (~> 1.0, >= 1.0.4)
      rack (>= 1, < 3)

PLATFORMS
  ruby

DEPENDENCIES
  byebug
  minitest
  oj (~> 3)
  pry
  rack (~> 2)
  rack-contrib
  rake
  thin

RUBY VERSION
   ruby 2.4.0p0

BUNDLED WITH
   1.15.3
