GEM
  remote: https://rubygems.org/
  specs:
    byebug (9.0.6)
    coderay (1.1.1)
    daemons (1.2.4)
    eventmachine (1.2.5)
    method_source (0.8.2)
    minitest (5.10.2)
    oj (3.3.5)
    pry (0.10.4)
      coderay (~> 1.1.0)
      method_source (~> 0.8.1)
      slop (~> 3.4)
    rack (2.0.3)
    rack-contrib (1.2.0)
      rack (>= 0.9.1)
    rake (12.0.0)
    slop (3.6.0)
    thin (1.7.2)
      daemons (~> 1.0, >= 1.0.9)
      eventmachine (~> 1.0, >= 1.0.4)
      rack (>= 1, < 3)

PLATFORMS
  ruby

DEPENDENCIES
  byebug
  minitest
  oj (~> 3)
  pry
  rack (~> 2)
  rack-contrib
  rake
  thin

RUBY VERSION
   ruby 2.4.0p0

BUNDLED WITH
   1.15.3
